GEM
  remote: https://rubygems.org/
  specs:
    aws-sdk (2.1.7)
      aws-sdk-resources (= 2.1.7)
    aws-sdk-core (2.1.7)
      jmespath (~> 1.0)
    aws-sdk-resources (2.1.7)
      aws-sdk-core (= 2.1.7)
    diff-lcs (1.2.5)
    dotenv (2.0.2)
    jmespath (1.0.2)
      multi_json (~> 1.0)
    multi_json (1.11.2)
    rspec (3.3.0)
      rspec-core (~> 3.3.0)
      rspec-expectations (~> 3.3.0)
      rspec-mocks (~> 3.3.0)
    rspec-core (3.3.2)
      rspec-support (~> 3.3.0)
    rspec-expectations (3.3.1)
      diff-lcs (>= 1.2.0, < 2.0)
      rspec-support (~> 3.3.0)
    rspec-mocks (3.3.2)
      diff-lcs (>= 1.2.0, < 2.0)
      rspec-support (~> 3.3.0)
    rspec-support (3.3.0)

PLATFORMS
  ruby

DEPENDENCIES
  aws-sdk (~> 2)
  bundler
  dotenv
  rspec

BUNDLED WITH
   1.10.0
